GEM
  remote: https://rubygems.org/
  specs:
    mina (1.2.4)
      open4 (~> 1.3.4)
      rake
    mina-multistage (1.0.3)
      mina (~> 1.0)
    open4 (1.3.4)
    rake (13.0.6)

PLATFORMS
  x86_64-darwin-21

DEPENDENCIES
  mina
  mina-multistage

BUNDLED WITH
   2.3.9
